GEM
  remote: http://rubygems.org/
  specs:
    activesupport (3.2.9)
      i18n (~> 0.6)
      multi_json (~> 1.0)
    backports (2.6.5)
    bcrypt-ruby (3.0.1-java)
    diff-lcs (1.1.3)
    eventmachine (1.0.0-java)
    factory_girl (4.1.0)
      activesupport (>= 3.0.0)
    i18n (0.6.1)
    jdbc-derby (10.6.2.1-java)
    jdbc-mysql (5.1.13)
    jruby-jars (1.7.0)
    jruby-rack (1.1.12)
    json (1.7.5-java)
    json-schema (1.0.10)
    ladle (0.2.0-java)
    multi_json (1.4.0)
    net-ldap (0.3.1)
    nokogiri (1.5.5-java)
    rack (1.4.1)
    rack-protection (1.2.0)
      rack
    rack-session-sequel (0.0.1)
      rack
      sequel
    rack-test (0.6.2)
      rack (>= 1.0)
    rake (10.0.2)
    rspec (2.12.0)
      rspec-core (~> 2.12.0)
      rspec-expectations (~> 2.12.0)
      rspec-mocks (~> 2.12.0)
    rspec-core (2.12.1)
    rspec-expectations (2.12.0)
      diff-lcs (~> 1.1.3)
    rspec-mocks (2.12.0)
    rubyzip (0.9.9)
    rufus-scheduler (2.0.17)
      tzinfo (>= 0.3.23)
    sequel (3.41.0)
    simplecov (0.7.1)
      multi_json (~> 1.0)
      simplecov-html (~> 0.7.1)
    simplecov-html (0.7.1)
    sinatra (1.3.3)
      rack (~> 1.3, >= 1.3.6)
      rack-protection (~> 1.2)
      tilt (~> 1.3, >= 1.3.3)
    sinatra-contrib (1.3.2)
      backports (>= 2.0)
      eventmachine
      rack-protection
      rack-test
      sinatra (~> 1.3.0)
      tilt (~> 1.3)
    sinatra-reloader (1.0)
      sinatra-contrib
    tilt (1.3.3)
    tzinfo (0.3.35)
    warbler (1.3.6)
      jruby-jars (>= 1.4.0)
      jruby-rack (>= 1.0.0)
      rake (>= 0.8.7)
      rubyzip (>= 0.9.4)

PLATFORMS
  java

DEPENDENCIES
  bcrypt-ruby
  factory_girl
  jdbc-derby
  jdbc-mysql
  jruby-jars (= 1.7.0)
  json
  json-schema
  ladle
  net-ldap
  nokogiri
  rack-session-sequel
  rspec
  rufus-scheduler
  simplecov
  sinatra
  sinatra-reloader
  warbler
