GEM
  remote: http://rubygems.org/
  specs:
    activesupport (3.2.9)
      i18n (~> 0.6)
      multi_json (~> 1.0)
    factory_girl (4.1.0)
      activesupport (>= 3.0.0)
    i18n (0.6.1)
    multi_json (1.4.0)
    nokogiri (1.5.5-java)

PLATFORMS
  java

DEPENDENCIES
  factory_girl
  nokogiri
